GEM
  remote: http://rubygems.org/
  specs:
    cairo (1.12.9)
      pkg-config (>= 1.1.5)
    pkg-config (1.1.5)

PLATFORMS
  ruby

DEPENDENCIES
  cairo (~> 1.12.0)
